GEM
  remote: https://rubygems.org/
  specs:
    bower (0.0.2)

PLATFORMS
  x64-mingw32

DEPENDENCIES
  bower
